GIT
  remote: https://github.com/bugsnag/maze-runner
  revision: 6f5af2c98c6fa1cfb07d6466a5cf3eaca5dcbc90
  specs:
    bugsnag-maze-runner (1.0.0)
      cucumber (~> 3.1.0)
      cucumber-expressions (= 5.0.15)
      minitest (~> 5.0)
      os (~> 1.0.0)
      rack (~> 2.0.0)
      rake (~> 12.3.0)
      test-unit (~> 3.2.0)

GEM
  remote: https://rubygems.org/
  specs:
    backports (3.11.4)
    builder (3.2.3)
    coderay (1.1.2)
    cucumber (3.1.0)
      builder (>= 2.1.2)
      cucumber-core (~> 3.1.0)
      cucumber-expressions (~> 5.0.4)
      cucumber-wire (~> 0.0.1)
      diff-lcs (~> 1.3)
      gherkin (~> 5.0)
      multi_json (>= 1.7.5, < 2.0)
      multi_test (>= 0.1.2)
    cucumber-core (3.1.0)
      backports (>= 3.8.0)
      cucumber-tag_expressions (~> 1.1.0)
      gherkin (>= 5.0.0)
    cucumber-expressions (5.0.15)
    cucumber-tag_expressions (1.1.1)
    cucumber-wire (0.0.1)
    diff-lcs (1.3)
    gherkin (5.1.0)
    method_source (0.9.2)
    minitest (5.11.3)
    multi_json (1.13.1)
    multi_test (0.1.2)
    os (1.0.0)
    power_assert (1.1.3)
    pry (0.12.2)
      coderay (~> 1.1.0)
      method_source (~> 0.9.0)
    rack (2.0.6)
    rake (12.3.2)
    test-unit (3.2.9)
      power_assert

PLATFORMS
  ruby

DEPENDENCIES
  bugsnag-maze-runner!
  pry

BUNDLED WITH
   1.16.1
